GEM
  remote: https://rubygems.org/
  specs:
    coderay (1.1.2)
    method_source (0.9.0)
    pry (0.11.3)
      coderay (~> 1.1.0)
      method_source (~> 0.9.0)
    smarter_csv (1.2.4)
    zaru (0.2.0)

PLATFORMS
  ruby

DEPENDENCIES
  pry
  smarter_csv
  zaru

BUNDLED WITH
   1.16.1
